{
	"TaskName": "OTCG",
	"MagneticFieldStrength": 3,
	"ImagingFrequency": 123.262,
	"Manufacturer": "Siemens",
	"ManufacturersModelName": "Prisma",
	"InstitutionName": "NTU_NCSC",
	"InstitutionalDepartmentName": "Department",
	"InstitutionAddress": "Fanglan_Rd._49_Taipei_Da_An_TW_10672",
	"DeviceSerialNumber": "66020",
	"StationName": "AWP66020",
	"BodyPartExamined": "BRAIN",
	"PatientPosition": "HFS",
	"ProcedureStepDescription": "NTU_Brain",
	"SoftwareVersions": "syngo_MR_D13D",
	"MRAcquisitionType": "2D",
	"SeriesDescription": "ep2d_bold_64x64_3mm_iso_330TR",
	"ProtocolName": "ep2d_bold_64x64_3mm_iso_330TR",
	"ScanningSequence": "EP",
	"SequenceVariant": "SK",
	"ScanOptions": "FS",
	"SequenceName": "_epfid2d1_64",
	"ImageType": ["ORIGINAL", "PRIMARY", "M", "ND", "NORM", "MOSAIC"],
	"SeriesNumber": 5,
	"AcquisitionTime": "12:21:42.722500",
	"AcquisitionNumber": 1,
	"SliceThickness": 3,
	"SpacingBetweenSlices": 3,
	"SAR": 0.12042,
	"EchoTime": 0.024,
	"RepetitionTime": 2,
	"FlipAngle": 87,
	"PartialFourier": 1,
	"BaseResolution": 64,
	"ShimSetting": [
	-2968,
	-3631,
	-5560,
	474,
	-131,
	257,
	-327,
	22	],
	"TxRefAmp": 264.024,
	"PhaseResolution": 1,
	"VendorReportedEchoSpacing": 0.00049,
	"ReceiveCoilName": "HeadNeck_20",
	"ReceiveCoilActiveElements": "HE1-4",
	"PulseSequenceDetails": "%SiemensSeq%_ep2d_bold",
	"ConsistencyInfo": "N4_VD13D_LATEST_20130810",
	"PercentPhaseFOV": 100,
	"EchoTrainLength": 64,
	"PhaseEncodingSteps": 64,
	"AcquisitionMatrixPE": 64,
	"ReconMatrixPE": 64,
	"BandwidthPerPixelPhaseEncode": 31.888,
	"EffectiveEchoSpacing": 0.000489996,
	"DerivedVendorReportedEchoSpacing": 0.000489996,
	"TotalReadoutTime": 0.0308698,
	"PixelBandwidth": 2365,
	"DwellTime": 3.3e-06,
	"PhaseEncodingDirection": "j-",
	"SliceTiming": [
	0.9875,
	0,
	1.0425,
	0.055,
	1.0975,
	0.11,
	1.1525,
	0.165,
	1.2075,
	0.22,
	1.2625,
	0.275,
	1.3175,
	0.33,
	1.3725,
	0.3825,
	1.4275,
	0.4375,
	1.4825,
	0.4925,
	1.5375,
	0.5475,
	1.5925,
	0.6025,
	1.6475,
	0.6575,
	1.7025,
	0.7125,
	1.7575,
	0.7675,
	1.8125,
	0.8225,
	1.8675,
	0.8775,
	1.9225,
	0.9325	],
	"ImageOrientationPatientDICOM": [
	0.997926,
	0.0496649,
	0.040952,
	-0.0383364,
	0.969594,
	-0.241696	],
	"InPlanePhaseEncodingDirectionDICOM": "COL",
	"ConversionSoftware": "dcm2niix",
	"ConversionSoftwareVersion": "v1.0.20181125  GCC5.4.0"
}
