{
	"Modality": "MR",
	"MagneticFieldStrength": 3,
	"ImagingFrequency": 123.262,
	"Manufacturer": "Siemens",
	"ManufacturersModelName": "Prisma",
	"InstitutionName": "NTU_NCSC",
	"InstitutionalDepartmentName": "Department",
	"InstitutionAddress": "Fanglan_Rd._49_Taipei_Da_An_TW_10672",
	"DeviceSerialNumber": "66020",
	"StationName": "AWP66020",
	"BodyPartExamined": "BRAIN",
	"PatientPosition": "HFS",
	"ProcedureStepDescription": "NTU_Brain",
	"SoftwareVersions": "syngo_MR_D13D",
	"MRAcquisitionType": "3D",
	"SeriesDescription": "t1_mprage_sag_p2_iso",
	"ProtocolName": "t1_mprage_sag_p2_iso",
	"ScanningSequence": "GR_IR",
	"SequenceVariant": "SK_SP_MP",
	"ScanOptions": "IR",
	"SequenceName": "_tfl3d1_16ns",
	"ImageType": ["ORIGINAL", "PRIMARY", "M", "ND", "NORM"],
	"SeriesNumber": 2,
	"AcquisitionTime": "10:39:4.627500",
	"AcquisitionNumber": 1,
	"SliceThickness": 0.94,
	"SAR": 0.0569165,
	"EchoTime": 0.0023,
	"RepetitionTime": 2,
	"InversionTime": 0.9,
	"FlipAngle": 8,
	"PartialFourier": 1,
	"BaseResolution": 256,
	"ShimSetting": [
		-3014,
		-3755,
		-5732,
		89,
		-93,
		18,
		-54,
		32	],
	"TxRefAmp": 238.559,
	"PhaseResolution": 1,
	"ReceiveCoilName": "HeadNeck_20",
	"ReceiveCoilActiveElements": "HE1-4",
	"PulseSequenceDetails": "%SiemensSeq%_tfl",
	"ConsistencyInfo": "N4_VD13D_LATEST_20130810",
	"PercentPhaseFOV": 100,
	"PhaseEncodingSteps": 255,
	"AcquisitionMatrixPE": 256,
	"ReconMatrixPE": 256,
	"PixelBandwidth": 200,
	"DwellTime": 9.8e-06,
	"ImageOrientationPatientDICOM": [
		-0.0418632,
		0.999123,
		2.26733e-08,
		0.0557899,
		0.00233762,
		-0.99844	],
	"InPlanePhaseEncodingDirectionDICOM": "ROW",
	"ConversionSoftware": "dcm2niix",
	"ConversionSoftwareVersion": "v1.0.20181125  GCC5.4.0"
}
