{
	"Modality": "MR",
	"MagneticFieldStrength": 3,
	"ImagingFrequency": 127.764,
	"Manufacturer": "GE",
	"ManufacturersModelName": "DISCOVERY_MR750",
	"InstitutionName": "NCKU",
	"DeviceSerialNumber": "00000000GEMRGEMR",
	"StationName": "GEMRGEMR",
	"BodyPartExamined": "HEAD",
	"PatientPosition": "HFS",
	"SoftwareVersions": "27_LX_MR_Software_release:DV25.1_R02_1649.a",
	"MRAcquisitionType": "3D",
	"SeriesDescription": "T1_SAG_FSPGR_BRAVO_ASSET",
	"ProtocolName": "T1_SAG_FSPGR_BRAVO_ASSET",
	"ScanningSequence": "GR",
	"SequenceVariant": "SS_SK",
	"ScanOptions": "FAST_GEMS_EDR_GEMS_ACC_GEMS",
	"ImageType": ["ORIGINAL", "PRIMARY", "OTHER"],
	"SeriesNumber": 3,
	"AcquisitionTime": "11:36:33.000000",
	"AcquisitionNumber": 1,
	"SliceThickness": 1,
	"SpacingBetweenSlices": 1,
	"SAR": 0.220157,
	"EchoTime": 0.002936,
	"RepetitionTime": 0.007684,
	"InversionTime": 0.45,
	"FlipAngle": 12,
	"CoilString": "8HRBRAIN",
	"PercentPhaseFOV": 100,
	"AcquisitionMatrixPE": 224,
	"ReconMatrixPE": 256,
	"PixelBandwidth": 244.141,
	"ImageOrientationPatientDICOM": [
		0.0889816,
		0.994157,
		-0.0611059,
		-0.0176218,
		-0.0597683,
		-0.998057	],
	"InPlanePhaseEncodingDirectionDICOM": "ROW",
	"ConversionSoftware": "dcm2niix",
	"ConversionSoftwareVersion": "v1.0.20181125  GCC5.4.0"
}
