{
	"TaskName": "OTCG",
	"MagneticFieldStrength": 3,
	"ImagingFrequency": 123.262,
	"Manufacturer": "Siemens",
	"ManufacturersModelName": "Prisma",
	"InstitutionName": "NTU_NCSC",
	"InstitutionalDepartmentName": "Department",
	"InstitutionAddress": "Fanglan_Rd._49_Taipei_Da_An_TW_10672",
	"DeviceSerialNumber": "66020",
	"StationName": "AWP66020",
	"BodyPartExamined": "BRAIN",
	"PatientPosition": "HFS",
	"ProcedureStepDescription": "NTU_Brain",
	"SoftwareVersions": "syngo_MR_D13D",
	"MRAcquisitionType": "2D",
	"SeriesDescription": "ep2d_bold_64x64_3mm_iso_330TR",
	"ProtocolName": "ep2d_bold_64x64_3mm_iso_330TR",
	"ScanningSequence": "EP",
	"SequenceVariant": "SK",
	"ScanOptions": "FS",
	"SequenceName": "_epfid2d1_64",
	"ImageType": ["ORIGINAL", "PRIMARY", "M", "ND", "NORM", "MOSAIC"],
	"SeriesNumber": 5,
	"AcquisitionTime": "11:40:53.920000",
	"AcquisitionNumber": 1,
	"SliceThickness": 3,
	"SpacingBetweenSlices": 3,
	"SAR": 0.11325,
	"EchoTime": 0.024,
	"RepetitionTime": 2,
	"FlipAngle": 87,
	"PartialFourier": 1,
	"BaseResolution": 64,
	"ShimSetting": [
	-3006,
	-3831,
	-5527,
	220,
	-100,
	-123,
	30,
	38	],
	"TxRefAmp": 285.483,
	"PhaseResolution": 1,
	"VendorReportedEchoSpacing": 0.00049,
	"ReceiveCoilName": "HeadNeck_20",
	"ReceiveCoilActiveElements": "HE1-4",
	"PulseSequenceDetails": "%SiemensSeq%_ep2d_bold",
	"ConsistencyInfo": "N4_VD13D_LATEST_20130810",
	"PercentPhaseFOV": 100,
	"EchoTrainLength": 64,
	"PhaseEncodingSteps": 64,
	"AcquisitionMatrixPE": 64,
	"ReconMatrixPE": 64,
	"BandwidthPerPixelPhaseEncode": 31.888,
	"EffectiveEchoSpacing": 0.000489996,
	"DerivedVendorReportedEchoSpacing": 0.000489996,
	"TotalReadoutTime": 0.0308698,
	"PixelBandwidth": 2365,
	"DwellTime": 3.3e-06,
	"PhaseEncodingDirection": "j-",
	"SliceTiming": [
	0.99,
	0,
	1.045,
	0.055,
	1.1,
	0.11,
	1.155,
	0.165,
	1.21,
	0.22,
	1.265,
	0.275,
	1.32,
	0.33,
	1.375,
	0.385,
	1.43,
	0.44,
	1.485,
	0.495,
	1.54,
	0.55,
	1.595,
	0.605,
	1.65,
	0.66,
	1.705,
	0.715,
	1.76,
	0.77,
	1.815,
	0.825,
	1.87,
	0.88,
	1.925,
	0.935	],
	"ImageOrientationPatientDICOM": [
	0.999563,
	0.00712612,
	0.0286968,
	-0.0034891,
	0.99217,
	-0.124848	],
	"InPlanePhaseEncodingDirectionDICOM": "COL",
	"ConversionSoftware": "dcm2niix",
	"ConversionSoftwareVersion": "v1.0.20181125  GCC5.4.0"
}
